GEM
  remote: https://rubygems.org/
  specs:
    after_do (0.4.0)
    coderay (1.1.2)
    furoshiki (0.6.1)
      plist
      rubyzip (>= 1.0.0)
      warbler (~> 2.0.4)
    jruby-jars (9.1.14.0)
    jruby-rack (1.1.21)
    method_source (0.9.0)
    mini_portile (0.6.2)
    nokogiri (1.6.4.1)
      mini_portile (~> 0.6.0)
    nokogiri (1.6.4.1-java)
    plist (3.3.0)
    pry (0.11.3)
      coderay (~> 1.1.0)
      method_source (~> 0.9.0)
    rake (12.3.0)
    rubyzip (1.2.1)
    shoes (4.0.0.rc1)
      shoes-core (= 4.0.0.rc1)
      shoes-manual (~> 4.0.0, >= 4.0.0)
      shoes-swt (= 4.0.0.rc1)
    shoes-core (4.0.0.rc1)
    shoes-highlighter (1.0.1)
    shoes-manual (4.0.1)
      nokogiri (~> 1.6.4.1, >= 1.6.4.1)
      shoes-highlighter (~> 1.0, >= 1.0.0)
    shoes-package (4.0.0.rc1)
      bundler
      furoshiki (~> 0.6.0)
      shoes-core (= 4.0.0.rc1)
    shoes-swt (4.0.0.rc1)
      after_do (~> 0.4.0)
      shoes-core (= 4.0.0.rc1)
      shoes-package (= 4.0.0.rc1)
      swt (~> 4.6.1.1)
    swt (4.6.1.1)
    warbler (2.0.4)
      jruby-jars (>= 9.0.0.0)
      jruby-rack (>= 1.1.1, < 1.3)
      rake (>= 10.1.0)
      rubyzip (~> 1.0, < 1.4)

PLATFORMS
  java
  ruby

DEPENDENCIES
  pry
  shoes (>= 1.0.0.beta)

BUNDLED WITH
   1.16.0
